GEM
  remote: https://rubygems.org/
  specs:
    CFPropertyList (2.3.6)
    addressable (2.4.0)
    backports (3.15.0)
    beaker (4.11.0)
      beaker-hostgenerator
      hocon (~> 1.0)
      in-parallel (~> 0.1)
      inifile (~> 3.0)
      minitar (~> 0.6)
      minitest (~> 5.4)
      net-ping (~> 2.0)
      net-scp (~> 1.2)
      net-ssh (~> 5.0)
      open_uri_redirections (~> 0.2.1)
      pry-byebug (~> 3.6)
      rb-readline (~> 0.5.3)
      rsync (~> 1.0.9)
      stringify-hash (~> 0.0)
      thor (~> 0.19)
    beaker-hostgenerator (1.1.32)
      deep_merge (~> 1.0)
      stringify-hash (~> 0.0.0)
    beaker-rspec (6.2.4)
      beaker (> 3.0)
      rspec (~> 3.0)
      serverspec (~> 2)
      specinfra (~> 2)
    byebug (11.0.1)
    coderay (1.1.2)
    deep_merge (1.2.1)
    diff-lcs (1.3)
    domain_name (0.5.20190701)
      unf (>= 0.0.5, < 1.0.0)
    ethon (0.12.0)
      ffi (>= 1.3.0)
    facter (2.5.5)
    facter (2.5.5-universal-darwin)
      CFPropertyList (~> 2.2)
    faraday (0.15.4)
      multipart-post (>= 1.2, < 3)
    faraday_middleware (0.13.1)
      faraday (>= 0.7.4, < 1.0)
    fast_gettext (1.1.2)
    ffi (1.11.1)
    gh (0.15.1)
      addressable (~> 2.4.0)
      backports
      faraday (~> 0.8)
      multi_json (~> 1.0)
      net-http-persistent (~> 2.9)
      net-http-pipeline
    hiera (3.5.0)
    highline (1.7.10)
    hocon (1.2.5)
    http-cookie (1.0.3)
      domain_name (~> 0.5)
    in-parallel (0.1.17)
    inifile (3.0.0)
    json (2.2.0)
    launchy (2.4.3)
      addressable (~> 2.3)
    locale (2.1.2)
    metaclass (0.0.4)
    method_source (0.9.2)
    mime-types (3.2.2)
      mime-types-data (~> 3.2015)
    mime-types-data (3.2019.0331)
    mini_portile2 (2.4.0)
    minitar (0.8)
    minitest (5.11.3)
    mocha (1.9.0)
      metaclass (~> 0.0.1)
    multi_json (1.13.1)
    multipart-post (2.1.1)
    net-http-persistent (2.9.4)
    net-http-pipeline (1.0.1)
    net-ping (2.0.6)
    net-scp (1.2.1)
      net-ssh (>= 2.6.5)
    net-ssh (5.2.0)
    net-telnet (0.1.1)
    netrc (0.11.0)
    nokogiri (1.10.8)
      mini_portile2 (~> 2.4.0)
    open_uri_redirections (0.2.1)
    pathspec (0.2.1)
    pry (0.12.2)
      coderay (~> 1.1.0)
      method_source (~> 0.9.0)
    pry-byebug (3.7.0)
      byebug (~> 11.0)
      pry (~> 0.10)
    puppet (5.5.16)
      facter (> 2.0.1, < 4)
      fast_gettext (~> 1.1.2)
      hiera (>= 3.2.1, < 4)
      locale (~> 2.1)
      multi_json (~> 1.10)
    puppet (5.5.16-universal-darwin)
      CFPropertyList (~> 2.2)
      facter (> 2.0.1, < 4)
      fast_gettext (~> 1.1.2)
      hiera (>= 3.2.1, < 4)
      locale (~> 2.1)
      multi_json (~> 1.10)
    puppet-blacksmith (4.1.2)
      rest-client (~> 2.0)
    puppet-lint (2.3.6)
    puppet-syntax (2.5.0)
      rake
    puppetlabs_spec_helper (2.14.1)
      mocha (~> 1.0)
      pathspec (~> 0.2.1)
      puppet-lint (~> 2.0)
      puppet-syntax (~> 2.0)
      rspec-puppet (~> 2.0)
    pusher-client (0.6.2)
      json
      websocket (~> 1.0)
    rake (12.3.3)
    rb-readline (0.5.5)
    rest-client (2.0.2)
      http-cookie (>= 1.0.2, < 2.0)
      mime-types (>= 1.16, < 4.0)
      netrc (~> 0.8)
    rspec (3.8.0)
      rspec-core (~> 3.8.0)
      rspec-expectations (~> 3.8.0)
      rspec-mocks (~> 3.8.0)
    rspec-core (3.8.2)
      rspec-support (~> 3.8.0)
    rspec-expectations (3.8.4)
      diff-lcs (>= 1.2.0, < 2.0)
      rspec-support (~> 3.8.0)
    rspec-its (1.3.0)
      rspec-core (>= 3.0.0)
      rspec-expectations (>= 3.0.0)
    rspec-mocks (3.8.1)
      diff-lcs (>= 1.2.0, < 2.0)
      rspec-support (~> 3.8.0)
    rspec-puppet (2.3.2)
      rspec
    rspec-support (3.8.2)
    rsync (1.0.9)
    serverspec (2.41.4)
      multi_json
      rspec (~> 3.0)
      rspec-its
      specinfra (~> 2.72)
    sfl (2.3)
    specinfra (2.79.0)
      net-scp
      net-ssh (>= 2.7)
      net-telnet (= 0.1.1)
      sfl
    stringify-hash (0.0.2)
    thor (0.20.3)
    travis (1.8.10)
      backports
      faraday (~> 0.9)
      faraday_middleware (~> 0.9, >= 0.9.1)
      gh (~> 0.13)
      highline (~> 1.6)
      launchy (~> 2.1)
      pusher-client (~> 0.4)
      typhoeus (~> 0.6, >= 0.6.8)
    travis-lint (2.0.0)
      json
    typhoeus (0.8.0)
      ethon (>= 0.8.0)
    unf (0.1.4)
      unf_ext
    unf_ext (0.0.7.6)
    vagrant-wrapper (2.0.3)
    websocket (1.2.8)

PLATFORMS
  ruby
  x86_64-darwin-16
  x86_64-darwin-17
  x86_64-darwin-18

DEPENDENCIES
  beaker
  beaker-rspec
  facter (>= 1.7.0)
  nokogiri (~> 1.10)
  puppet (~> 5.5.0)
  puppet-blacksmith
  puppet-lint (>= 1.0.0)
  puppetlabs_spec_helper (>= 0.1.0)
  rake
  rspec-puppet (~> 2.3.0)
  travis
  travis-lint
  vagrant-wrapper

BUNDLED WITH
   2.0.2
